GEM
  remote: https://rubygems.org/
  specs:
    activemodel (3.2.21)
      activesupport (= 3.2.21)
      builder (~> 3.0.0)
    activerecord (3.2.21)
      activemodel (= 3.2.21)
      activesupport (= 3.2.21)
      arel (~> 3.0.2)
      tzinfo (~> 0.3.29)
    activerecord-jdbc-adapter (1.3.15)
      activerecord (>= 2.2)
    activerecord-jdbcmysql-adapter (1.3.15)
      activerecord-jdbc-adapter (~> 1.3.15)
      jdbc-mysql (>= 5.1.22)
    activesupport (3.2.21)
      i18n (~> 0.6, >= 0.6.4)
      multi_json (~> 1.0)
    addressable (2.3.7)
    archive (0.0.6)
      ffi (~> 1.9.3)
    arel (3.0.3)
    ast (2.0.0)
    aws-sdk (1.63.0)
      aws-sdk-v1 (= 1.63.0)
    aws-sdk-v1 (1.63.0)
      json (~> 1.4)
      nokogiri (>= 1.4.4)
    builder (3.0.4)
    cliver (0.3.2)
    coderay (1.1.0)
    ffi (1.9.7)
    httparty (0.13.3)
      json (~> 1.8)
      multi_xml (>= 0.5.2)
    httpclient (2.6.0.1)
    i18n (0.7.0)
    improved-rack-throttle (0.9.0)
      rack (>= 1.0.0)
    jdbc-mysql (5.1.33)
    json (1.8.2-java)
    json-schema (2.5.1)
      addressable (~> 2.3.7)
    license_finder (2.0.1)
      bundler
      httparty
      thor
      xml-simple
    method_source (0.8.2)
    multi_json (1.11.0)
    multi_xml (0.5.5)
    newrelic_rpm (3.10.0.279)
    nokogiri (1.6.6.2-java)
    oga (0.2.3-java)
      ast
      racc (~> 1.4, >= 1.4.12)
    oni (3.1.1)
    opener-callback-handler (1.0.2)
      addressable
      aws-sdk (~> 1.0)
      httpclient
    opener-constituent-parser (2.0.1)
      nokogiri
      opener-constituent-parser-base (~> 1.0, >= 1.0.6)
      opener-constituent-parser-de (~> 1.1)
      opener-constituent-parser-nl (~> 1.0)
      opener-core (~> 2.2)
      opener-daemons (~> 2.2)
      opener-webservice (~> 2.1)
      slop (~> 3.5)
    opener-constituent-parser-base (1.0.6)
    opener-constituent-parser-de (1.2.1)
      cliver
      rake
    opener-constituent-parser-nl (1.1.1)
      cliver
      nokogiri
      rake
    opener-core (2.4.0)
      archive
      httpclient
      slop (~> 3.0)
    opener-coreference (2.0.1)
      nokogiri
      opener-core (~> 2.2)
      opener-coreference-base
      opener-daemons (~> 2.2)
      opener-webservice (~> 2.1)
      slop (~> 3.5)
    opener-coreference-base (2.1.1)
      cliver
      nokogiri
      rake
    opener-daemons (2.3.6)
      aws-sdk (~> 1.0)
      httpclient (~> 2.0, >= 2.5.3.3)
      json-schema
      newrelic_rpm
      oni (~> 3.0)
      opener-callback-handler (~> 1.0)
      opener-core (~> 2.3)
      rollbar (~> 1.0)
      slop (~> 3.0)
    opener-kaf-naf-parser (2.0.3)
      builder
      cliver
      opener-core (~> 2.2)
      opener-daemons (~> 2.2)
      opener-webservice (~> 2.1)
      slop (~> 3.5)
    opener-kaf2json (2.0.0-java)
      builder
      nokogiri
      opener-core (~> 2.2)
      opener-daemons (~> 2.2)
      opener-webservice (~> 2.1)
      saxon-xslt
      slop (~> 3.5)
    opener-language-identifier (4.2.2)
      builder
      nokogiri
      opener-daemons (~> 2.2)
      opener-webservice (~> 2.1)
      slop (~> 3.5)
    opener-ned (3.0.1)
      nokogiri
      opener-core (~> 2.3)
      opener-daemons (~> 2.2)
      opener-webservice (~> 2.1)
      slop (~> 3.5)
    opener-ner (3.0.0)
      nokogiri
      opener-core (~> 2.2)
      opener-daemons (~> 2.2)
      opener-ner-base (~> 3.0)
      opener-webservice (~> 2.1)
    opener-ner-base (3.0.1)
      nokogiri
    opener-opinion-detector (2.0.1)
      nokogiri
      opener-core (~> 2.3)
      opener-daemons (~> 2.2)
      opener-opinion-detector-base
      opener-webservice (~> 2.1)
      slop (~> 3.5)
    opener-opinion-detector-base (2.3.1)
      cliver
      nokogiri
      rake
    opener-opinion-detector-basic (2.0.2)
      cliver
      nokogiri
      opener-core (~> 2.2)
      opener-daemons (~> 2.2)
      opener-webservice (~> 2.1)
      rake
      slop (~> 3.5)
    opener-outlet (2.0.1)
      activerecord (~> 3.2)
      activerecord-jdbcmysql-adapter
      builder (~> 3.0.0)
      jdbc-mysql
      nokogiri
      opener-core (~> 2.2)
      opener-daemons (~> 2.2)
      opener-kaf2json
      opener-scorer
      opener-webservice (~> 2.1)
    opener-polarity-tagger (3.0.1)
      cliver
      nokogiri
      opener-core (~> 2.2)
      opener-daemons (~> 2.2)
      opener-webservice (~> 2.1)
      rake
      slop (~> 3.5)
    opener-pos-tagger (3.1.3)
      nokogiri
      opener-core (~> 2.3)
      opener-daemons (~> 2.1)
      opener-pos-tagger-base (~> 2.0, >= 2.1.0)
      opener-pos-tagger-en-es (~> 2.0, >= 2.0.2)
      opener-webservice (~> 2.0)
      slop (~> 3.5)
    opener-pos-tagger-base (2.2.1)
      cliver
      rake
    opener-pos-tagger-en-es (2.0.3)
      nokogiri
    opener-property-tagger (3.0.6)
      oga
      opener-core (~> 2.2)
      opener-daemons (~> 2.2)
      opener-webservice (~> 2.1)
    opener-s3-outlet (2.0.0)
      builder
      nokogiri
      opener-core (~> 2.2)
      opener-daemons (~> 2.2)
      opener-kaf2json
      opener-webservice (~> 2.1)
    opener-scorer (3.0.4)
      activerecord (~> 3.0)
      activerecord-jdbcmysql-adapter
      jdbc-mysql
      nokogiri
      opener-core (~> 2.2)
      opener-daemons (~> 2.2)
      opener-webservice (~> 2.1)
      slop (~> 3.5)
    opener-tokenizer (2.1.2)
      nokogiri
      opener-core (~> 2.4)
      opener-daemons (~> 2.1)
      opener-tokenizer-base (~> 1.0)
      opener-webservice (~> 2.1)
      slop (~> 3.5)
    opener-tokenizer-base (1.0.0)
    opener-tree-tagger (4.1.1)
      cliver
      nokogiri
      opener-core (~> 2.0)
      opener-daemons (~> 2.1)
      opener-webservice (~> 2.1)
      rake
      slop (~> 3.5)
    opener-webservice (2.2.0)
      httpclient (~> 2.0, >= 2.5.3.3)
      json
      newrelic_rpm
      opener-callback-handler (~> 1.0)
      opener-core (~> 2.3)
      puma
      rollbar (~> 1.0)
      sinatra (~> 1.4.3)
      slop (~> 3.0)
    pry (0.10.1-java)
      coderay (~> 1.1.0)
      method_source (~> 0.8.1)
      slop (~> 3.4)
      spoon (~> 0.0)
    pry-doc (0.6.0)
      pry (~> 0.9)
      yard (~> 0.8)
    pry-theme (1.1.3)
      coderay (~> 1.1)
      json (~> 1.8)
    puma (2.11.1-java)
      rack (>= 1.1, < 2.0)
    racc (1.4.12-java)
    rack (1.6.0)
    rack-protection (1.5.3)
      rack
    rake (10.4.2)
    rollbar (1.4.4)
      multi_json (~> 1.3)
    saxon-xslt (0.5.1-java)
    sinatra (1.4.5)
      rack (~> 1.4)
      rack-protection (~> 1.4)
      tilt (~> 1.3, >= 1.3.4)
    slop (3.6.0)
    spoon (0.0.4)
      ffi
    thor (0.19.1)
    tilt (1.4.1)
    tzinfo (0.3.43)
    uuidtools (2.1.5)
    xml-simple (1.1.5)
    yard (0.8.7.6)

PLATFORMS
  java

DEPENDENCIES
  activesupport (~> 3.2)
  improved-rack-throttle
  license_finder
  opener-constituent-parser
  opener-coreference
  opener-kaf-naf-parser
  opener-kaf2json
  opener-language-identifier
  opener-ned
  opener-ner
  opener-opinion-detector
  opener-opinion-detector-basic
  opener-outlet
  opener-polarity-tagger
  opener-pos-tagger
  opener-property-tagger
  opener-s3-outlet
  opener-scorer
  opener-tokenizer
  opener-tree-tagger
  pry
  pry-doc
  pry-theme
  puma
  rollbar
  uuidtools
